ObjectType = Image
NDims = 3
BinaryData = True
BinaryDataByteOrderMSB = True
DimSize = 256 256 30
ElementSize = 1 1 1
ElementType = MET_UCHAR
ElementDataFile = CT.raw
