ObjectType = Image
NDims = 3
BinaryData = True
BinaryDataByteOrderMSB = True
DimSize = 256 256 30
ElementSize = 1.0 1.0 1.0
ElementType = MET_USHORT
ElementDataFile = mCT_tomo.raw
